GEM
  remote: https://rubygems.org/
  specs:
    mini_portile (0.6.2)
    nokogiri (1.6.6.2)
      mini_portile (~> 0.6.0)
    ruby-progressbar (1.7.5)
    rubyzip (1.1.7)
    trollop (2.1.2)

PLATFORMS
  ruby

DEPENDENCIES
  nokogiri
  ruby-progressbar
  rubyzip
  trollop
