GEM
  remote: https://rubygems.org/
  specs:
    activemodel (5.2.8.1)
      activesupport (= 5.2.8.1)
    activerecord (5.2.8.1)
      activemodel (= 5.2.8.1)
      activesupport (= 5.2.8.1)
      arel (>= 9.0)
    activerecord-import (0.16.2)
      activerecord (>= 3.2)
    activesupport (5.2.8.1)
      concurrent-ruby (~> 1.0, >= 1.0.2)
      i18n (>= 0.7, < 2)
      minitest (~> 5.1)
      tzinfo (~> 1.1)
    arel (9.0.0)
    awesome_print (1.7.0)
    axlsx (1.3.6)
      htmlentities (~> 4.3.1)
      nokogiri (>= 1.4.1)
      rubyzip (>= 0.9.5)
    coderay (1.1.1)
    colorize (0.8.1)
    concurrent-ruby (1.1.10)
    diff-lcs (1.2.5)
    htmlentities (4.3.4)
    i18n (1.11.0)
      concurrent-ruby (~> 1.0)
    method_source (0.8.2)
    mini_portile (0.6.2)
    minitest (5.16.2)
    nokogiri (1.6.6.2)
      mini_portile (~> 0.6.0)
    pry (0.10.4)
      coderay (~> 1.1.0)
      method_source (~> 0.8.1)
      slop (~> 3.4)
    rspec (3.5.0)
      rspec-core (~> 3.5.0)
      rspec-expectations (~> 3.5.0)
      rspec-mocks (~> 3.5.0)
    rspec-core (3.5.4)
      rspec-support (~> 3.5.0)
    rspec-expectations (3.5.0)
      diff-lcs (>= 1.2.0, < 2.0)
      rspec-support (~> 3.5.0)
    rspec-mocks (3.5.0)
      diff-lcs (>= 1.2.0, < 2.0)
      rspec-support (~> 3.5.0)
    rspec-support (3.5.0)
    ruby-oci8 (2.2.2)
    ruby-progressbar (1.7.5)
    rubyzip (1.1.7)
    slop (3.6.0)
    sqlite3 (1.3.13)
    thread_safe (0.3.6)
    trollop (2.1.2)
    tzinfo (1.2.9)
      thread_safe (~> 0.1)
    zip-zip (0.3)
      rubyzip (>= 1.0.0)

PLATFORMS
  ruby

DEPENDENCIES
  activerecord
  activerecord-import
  awesome_print
  axlsx
  colorize
  nokogiri
  pry (~> 0.10.0)
  rspec
  ruby-oci8
  ruby-progressbar
  rubyzip
  sqlite3
  trollop
  zip-zip

BUNDLED WITH
   1.16.1
