GEM
  remote: https://rubygems.org/
  specs:
    activemodel (3.2.13)
      activesupport (= 3.2.13)
      builder (~> 3.0.0)
    activerecord (3.2.13)
      activemodel (= 3.2.13)
      activesupport (= 3.2.13)
      arel (~> 3.0.2)
      tzinfo (~> 0.3.29)
    activerecord-import (0.16.2)
      activerecord (>= 3.2)
    activesupport (3.2.13)
      i18n (= 0.6.1)
      multi_json (~> 1.0)
    arel (3.0.3)
    awesome_print (1.7.0)
    axlsx (1.3.6)
      htmlentities (~> 4.3.1)
      nokogiri (>= 1.4.1)
      rubyzip (>= 0.9.5)
    builder (3.0.4)
    coderay (1.1.1)
    colorize (0.8.1)
    diff-lcs (1.2.5)
    htmlentities (4.3.4)
    i18n (0.6.1)
    method_source (0.8.2)
    mini_portile (0.6.2)
    multi_json (1.8.4)
    nokogiri (1.6.6.2)
      mini_portile (~> 0.6.0)
    pry (0.9.12.6)
      coderay (~> 1.0)
      method_source (~> 0.8)
      slop (~> 3.4)
    rspec (3.5.0)
      rspec-core (~> 3.5.0)
      rspec-expectations (~> 3.5.0)
      rspec-mocks (~> 3.5.0)
    rspec-core (3.5.4)
      rspec-support (~> 3.5.0)
    rspec-expectations (3.5.0)
      diff-lcs (>= 1.2.0, < 2.0)
      rspec-support (~> 3.5.0)
    rspec-mocks (3.5.0)
      diff-lcs (>= 1.2.0, < 2.0)
      rspec-support (~> 3.5.0)
    rspec-support (3.5.0)
    ruby-oci8 (2.2.2)
    ruby-progressbar (1.7.5)
    rubyzip (1.1.7)
    slop (3.6.0)
    sqlite3 (1.3.8)
    trollop (2.1.2)
    tzinfo (0.3.38)
    zip-zip (0.3)
      rubyzip (>= 1.0.0)

PLATFORMS
  ruby

DEPENDENCIES
  activerecord
  activerecord-import
  awesome_print
  axlsx
  colorize
  nokogiri
  pry
  rspec
  ruby-oci8
  ruby-progressbar
  rubyzip
  sqlite3
  trollop
  zip-zip

BUNDLED WITH
   1.11.2
